PATH
  remote: ./vendor/RubyDirectLineClient
  specs:
    swagger_client (1.0.0)
      json (~> 1.8, >= 1.8.3)
      typhoeus (~> 1.0, >= 1.0.1)

GEM
  remote: https://rubygems.org/
  specs:
    byebug (9.0.5)
    coderay (1.1.1)
    debase (0.2.1)
      debase-ruby_core_source
    debase-ruby_core_source (0.9.1)
    ethon (0.9.0)
      ffi (>= 1.3.0)
    ffi (1.9.14)
    json (1.8.3)
    method_source (0.8.2)
    pry (0.10.4)
      coderay (~> 1.1.0)
      method_source (~> 0.8.1)
      slop (~> 3.4)
    pry-byebug (3.4.0)
      byebug (~> 9.0)
      pry (~> 0.10)
    rake (11.2.2)
    ruby-debug-ide (0.6.0)
      rake (>= 0.8.1)
    slop (3.6.0)
    typhoeus (1.1.0)
      ethon (>= 0.9.0)

PLATFORMS
  ruby

DEPENDENCIES
  debase (>= 0.2.1)
  pry
  pry-byebug
  rake
  ruby-debug-ide (>= 0.4.32)
  swagger_client!

BUNDLED WITH
   1.12.5
